GEM
  remote: https://rubygems.org/
  specs:
    elasticsearch (6.2.0)
      elasticsearch-api (= 6.2.0)
      elasticsearch-transport (= 6.2.0)
    elasticsearch-api (6.2.0)
      multi_json
    elasticsearch-transport (6.2.0)
      faraday
      multi_json
    faraday (0.15.4)
      multipart-post (>= 1.2, < 3)
    httparty (0.16.4)
      mime-types (~> 3.0)
      multi_xml (>= 0.5.2)
    mime-types (3.2.2)
      mime-types-data (~> 3.2015)
    mime-types-data (3.2018.0812)
    multi_json (1.13.1)
    multi_xml (0.6.0)
    multipart-post (2.0.0)

PLATFORMS
  ruby

DEPENDENCIES
  elasticsearch
  httparty

RUBY VERSION
   ruby 2.6.1p33

BUNDLED WITH
   2.0.1
